GEM
  remote: https://rubygems.org/
  specs:
    sass (3.3.7)
    sass-globbing (1.1.1)
      sass (>= 3.1)

PLATFORMS
  x86-mingw32

DEPENDENCIES
  sass (>= 3.3.0.rc.3)
  sass-globbing (>= 1.1.0)
